GEM
  remote: https://rubygems.org/
  specs:
    andand (1.3.3)
    coderay (1.1.2)
    domain_name (0.5.20180417)
      unf (>= 0.0.5, < 1.0.0)
    http-cookie (1.0.3)
      domain_name (~> 0.5)
    method_source (0.9.0)
    mime-types (3.1)
      mime-types-data (~> 3.2015)
    mime-types-data (3.2016.0521)
    netrc (0.11.0)
    pry (0.11.3)
      coderay (~> 1.1.0)
      method_source (~> 0.9.0)
    pry-doc (0.13.4)
      pry (~> 0.11)
      yard (~> 0.9.11)
    rest-client (2.0.2)
      http-cookie (>= 1.0.2, < 2.0)
      mime-types (>= 1.16, < 4.0)
      netrc (~> 0.8)
    thor (0.20.0)
    unf (0.1.4)
      unf_ext
    unf_ext (0.0.7.5)
    yard (0.9.12)

PLATFORMS
  ruby

DEPENDENCIES
  andand
  method_source (>= 0.8.2)
  pry
  pry-doc (>= 0.6.0)
  rest-client
  thor

RUBY VERSION
   ruby 2.3.1p112

BUNDLED WITH
   1.16.2
